GEM
  remote: https://rubygems.org/
  specs:
    addressable (2.5.0)
      public_suffix (~> 2.0, >= 2.0.2)
    dotenv (0.7.0)
    faraday (0.11.0)
      multipart-post (>= 1.2, < 3)
    mail (2.5.4)
      mime-types (~> 1.16)
      treetop (~> 1.4.8)
    mime-types (1.23)
    multipart-post (2.0.0)
    octokit (4.6.2)
      sawyer (~> 0.8.0, >= 0.5.3)
    pg (0.19.0)
    polyglot (0.3.3)
    pony (1.5)
      mail (> 2.0)
    public_suffix (2.0.5)
    sawyer (0.8.1)
      addressable (>= 2.3.5, < 2.6)
      faraday (~> 0.8, < 1.0)
    sequel (4.43.0)
    treetop (1.4.14)
      polyglot
      polyglot (>= 0.3.1)

PLATFORMS
  ruby

DEPENDENCIES
  dotenv
  octokit (~> 4.6)
  pg (~> 0.19)
  pony (~> 1.1)
  sequel (~> 4.4)

RUBY VERSION
   ruby 2.3.1p112

BUNDLED WITH
   1.13.7
